GEM
  remote: http://rubygems.org/
  specs:
    pandoc-ruby (0.6.0)

PLATFORMS
  ruby

DEPENDENCIES
  pandoc-ruby
