GEM
  remote: http://rubygems.org/
  specs:
    builder (3.1.4)
    colored (1.2)
    cri (2.3.0)
      colored (>= 1.2)
    haml (3.1.7)
    json (1.7.6)
    nanoc (3.6.1)
      cri (~> 2.3)
    nokogiri (1.5.6)
    pandoc-ruby (0.6.0)
    w3c_validators (1.2)
      json
      nokogiri

PLATFORMS
  ruby

DEPENDENCIES
  builder
  haml
  nanoc
  pandoc-ruby
  w3c_validators
