GEM
  remote: http://rubygems.org/
  specs:
    colored (1.2)
    cri (2.3.0)
      colored (>= 1.2)
    nanoc (3.5.0)
      cri (~> 2.2)
    pandoc-ruby (0.6.0)

PLATFORMS
  ruby

DEPENDENCIES
  nanoc
  pandoc-ruby
